GEM
  remote: http://rubygems.org/
  specs:
    daemons (1.1.6)
    dalli (1.1.4)
    eventmachine (0.12.10)
    http_parser.rb (0.5.3)
    httparty (0.8.1)
      multi_json
      multi_xml
    innate (2011.12)
      rack (~> 1.4.0)
    json (1.6.5)
    kgio (2.7.2)
    mime-types (1.17.2)
    multi_json (1.0.4)
    multi_xml (0.4.1)
    mysql2 (0.3.11)
    oauth (0.4.5)
    rack (1.4.1)
    raindrops (0.8.0)
    ramaze (2011.12.28)
      innate (>= 2011.12)
    sentiment_analysis (0.0.1)
      httparty
    sequel (3.31.0)
    simple_oauth (0.1.5)
    tweetstream (1.1.3)
      daemons (~> 1.1.4)
      multi_json (~> 1.0.3)
      twitter-stream (~> 0.1.14)
    twitter-stream (0.1.14)
      eventmachine (>= 0.12.8)
      http_parser.rb (~> 0.5.1)
      simple_oauth (~> 0.1.4)
    twitter_oauth (0.4.3)
      json (>= 1.1.9)
      mime-types (>= 1.16)
      oauth (>= 0.4.1)
    unicorn (4.2.0)
      kgio (~> 2.6)
      rack
      raindrops (~> 0.7)
    yajl-ruby (1.1.0)

PLATFORMS
  ruby

DEPENDENCIES
  daemons
  dalli
  mysql2
  ramaze
  sentiment_analysis
  sequel
  tweetstream
  twitter_oauth
  unicorn
  yajl-ruby
